PATH
  remote: .
  specs:
    pry-notebook (0.0.1)

PATH
  remote: /Users/rfitz/src/pry
  specs:
    pry (0.9.11)
      coderay (~> 1.0.5)
      method_source (~> 0.8)
      slop (~> 3.3.1)

GEM
  remote: http://rubygems.org/
  specs:
    coderay (1.0.8)
    metaclass (0.0.1)
    method_source (0.8.1)
    minitest (4.3.3)
    mocha (0.13.1)
      metaclass (~> 0.0.1)
    rake (10.0.2)
    slop (3.3.3)

PLATFORMS
  ruby

DEPENDENCIES
  minitest
  mocha
  pry!
  pry-notebook!
  rake
