PATH
  remote: .
  specs:
    pry-notebook (0.0.1)

PATH
  remote: /Users/rfitz/src/pry
  specs:
    pry (0.9.11)
      coderay (~> 1.0.5)
      method_source (~> 0.8)
      slop (~> 3.3.1)

GEM
  remote: http://rubygems.org/
  specs:
    coderay (1.0.8)
    guard (1.3.2)
      listen (>= 0.4.2)
      thor (>= 0.14.6)
    guard-minitest (0.5.0)
      guard (>= 0.4)
    listen (0.5.0)
    metaclass (0.0.1)
    method_source (0.8.1)
    minitest (4.3.3)
    mocha (0.13.1)
      metaclass (~> 0.0.1)
    rake (10.0.2)
    slop (3.3.3)
    thor (0.16.0)

PLATFORMS
  ruby

DEPENDENCIES
  guard
  guard-minitest
  minitest
  mocha
  pry!
  pry-notebook!
  rake
